GEM
  remote: http://rubygems.org/
  specs:
    SystemTimer (1.2.3)
    activemodel (3.0.19)
      activesupport (= 3.0.19)
      builder (~> 2.1.2)
      i18n (~> 0.5.0)
    activeresource (3.0.19)
      activemodel (= 3.0.19)
      activesupport (= 3.0.19)
    activesupport (3.0.19)
    addressable (2.2.8)
    amqp (0.6.7)
      eventmachine (>= 0.12.4)
    aws-sdk (1.6.8)
      httparty (~> 0.7)
      json (~> 1.4)
      nokogiri (>= 1.4.4)
      uuidtools (~> 2.1)
    builder (2.1.2)
    crack (0.1.8)
    daemons (1.1.9)
    eventmachine (1.0.0)
    faraday (0.8.4)
      multipart-post (~> 1.1)
    faraday_middleware (0.9.0)
      faraday (>= 0.7.4, < 0.9)
    hashie (1.2.0)
    http_parser.rb (0.5.3)
    httparty (0.7.4)
      crack (= 0.1.8)
    i18n (0.5.0)
    iron_core (0.5.1)
      rest (>= 2.2.0)
    iron_mq (3.1.0)
      iron_core (>= 0.5.1)
    json (1.7.6)
    jwt (0.1.5)
      multi_json (>= 1.0)
    kgio (2.7.4)
    mail (2.5.3)
      i18n (>= 0.4.0)
      mime-types (~> 1.16)
      treetop (~> 1.4.8)
    mash (0.1.1)
    mime-types (1.19)
    mqtt (0.0.8)
    multi_json (1.5.0)
    multipart-post (1.1.5)
    net-http-persistent (2.8)
    nokogiri (1.5.6)
    oauth (0.4.4)
    polyglot (0.3.3)
    rack (1.4.4)
    rack-test (0.6.2)
      rack (>= 1.0)
    raindrops (0.10.0)
    rake (0.8.7)
    rest (2.2.0)
      net-http-persistent
      rest-client (>= 0.3.0)
    rest-client (1.6.7)
      mime-types (>= 1.16)
    right_aws (3.0.3)
      right_http_connection (>= 1.2.5)
    right_http_connection (1.3.0)
    ruby-hmac (0.4.0)
    simple_oauth (0.1.9)
    sinatra (1.2.8)
      rack (~> 1.1)
      tilt (>= 1.2.2, < 2.0)
    softlayer_messaging (1.0.2)
      rest-client
    statsd-ruby (0.3.0.github.1)
    thin (1.5.0)
      daemons (>= 1.0.9)
      eventmachine (>= 0.12.6)
      rack (>= 1.0.0)
    tilt (1.2.2)
    tinder (1.9.2)
      eventmachine (~> 1.0)
      faraday (~> 0.8)
      faraday_middleware (~> 0.9)
      hashie (~> 1.0)
      json (~> 1.7.5)
      mime-types (~> 1.19)
      multi_json (~> 1.5)
      twitter-stream (~> 0.1)
    treetop (1.4.12)
      polyglot
      polyglot (>= 0.3.1)
    twilio-ruby (3.4.2)
      builder (>= 2.1.2)
      jwt (>= 0.1.2)
      multi_json (>= 1.0.3)
    twitter-stream (0.1.16)
      eventmachine (>= 0.12.8)
      http_parser.rb (~> 0.5.1)
      simple_oauth (~> 0.1.4)
    unicorn (4.5.0)
      kgio (~> 2.6)
      rack
      raindrops (~> 0.7)
    uuidtools (2.1.3)
    xml-simple (1.0.11)
    xmpp4r (0.5)
    xmpp4r-simple-19 (1.0.0)
      xmpp4r (>= 0.3.2)
    yajl-ruby (1.1.0)

PLATFORMS
  ruby

DEPENDENCIES
  SystemTimer
  activeresource (= 3.0.19)
  addressable (~> 2.2.7)
  amqp (= 0.6.7)
  aws-sdk (= 1.6.8)
  faraday (~> 0.8.0)
  httparty (= 0.7.4)
  iron_mq (~> 3.1.0)
  mail (~> 2.3)
  mash (~> 0.1.1)
  mime-types (~> 1.15)
  mqtt (= 0.0.8)
  oauth (= 0.4.4)
  rack-test
  rake (= 0.8.7)
  right_aws (= 3.0.3)
  right_http_connection (= 1.3.0)
  ruby-hmac (= 0.4.0)
  sinatra (~> 1.2.6)
  softlayer_messaging (~> 1.0.2)
  statsd-ruby (= 0.3.0.github.1)
  thin (~> 1.5.0)
  tilt (~> 1.2.1)
  tinder (= 1.9.2)
  twilio-ruby (= 3.4.2)
  unicorn (~> 4.5.0)
  xml-simple (= 1.0.11)
  xmpp4r-simple-19 (~> 1.0)
  yajl-ruby (= 1.1.0)
